GEM
  remote: http://rubygems.org/
  specs:
    actionmailer (2.3.8)
      actionpack (= 2.3.8)
    actionpack (2.3.8)
      activesupport (= 2.3.8)
      rack (~> 1.1.0)
    activerecord (2.3.8)
      activesupport (= 2.3.8)
    activeresource (2.3.8)
      activesupport (= 2.3.8)
    activesupport (2.3.8)
    factory_girl (1.2.4)
    faker (0.3.1)
    hoe (2.9.4)
      rake (>= 0.8.7)
    pg (0.10.1)
    rack (1.1.2)
    rails (2.3.8)
      actionmailer (= 2.3.8)
      actionpack (= 2.3.8)
      activerecord (= 2.3.8)
      activeresource (= 2.3.8)
      activesupport (= 2.3.8)
      rake (>= 0.8.3)
    rake (0.8.7)
    rspec (1.3.1)
    rspec-rails (1.3.3)
      rack (>= 1.0.0)
      rspec (= 1.3.1)
    test-unit (1.2.3)
      hoe (>= 1.5.1)
    will_paginate (2.3.14)

PLATFORMS
  ruby

DEPENDENCIES
  factory_girl (~> 1.2.4)
  faker (~> 0.3.1)
  pg
  rails (= 2.3.8)
  rspec (~> 1.3.0)
  rspec-rails (~> 1.3.2)
  test-unit (= 1.2.3)
  will_paginate (= 2.3.14)
